PATH
  remote: .
  specs:
    evernote-jeeves (0.0.3)
      evernote-thrift
      sanitize

GEM
  remote: https://rubygems.org/
  specs:
    crass (1.0.2)
    evernote-thrift (1.25.1)
    mini_portile (0.6.2)
    nokogiri (1.6.6.2)
      mini_portile (~> 0.6.0)
    nokogumbo (1.4.1)
      nokogiri
    rake (0.9.2.2)
    sanitize (4.0.0)
      crass (~> 1.0.2)
      nokogiri (>= 1.4.4)
      nokogumbo (= 1.4.1)

PLATFORMS
  ruby

DEPENDENCIES
  bundler (~> 1.5)
  evernote-jeeves!
  rake
