PATH
  remote: .
  specs:
    evernote-jeeves (0.0.1)
      evernote-thrift
      sanitize

GEM
  remote: https://rubygems.org/
  specs:
    evernote-thrift (1.25.1)
    mini_portile (0.6.0)
    nokogiri (1.6.2.1)
      mini_portile (= 0.6.0)
    rake (0.9.2.2)
    sanitize (2.1.0)
      nokogiri (>= 1.4.4)

PLATFORMS
  ruby

DEPENDENCIES
  bundler (~> 1.5)
  evernote-jeeves!
  rake
